PATH
  remote: .
  specs:
    data-scrapper (1.0.0.1)
      activesupport (>= 3.0.0)
      awesome_print
      bio
      bio-isoelectric_point
      crack
      dalli (~> 2.6.0)
      faker
      gsl
      guard-rspec
      hpricot
      htmlentities
      httpclient
      i18n
      kmeans-clusterer
      libxml-ruby (~> 2.7.0)
      mechanize (~> 2.7, >= 2.7.4)
      minitest (~> 5.8.1)
      nokogiri
      optimist
      parallel
      poltergeist
      pragmatic_segmenter
      progress_bar
      rb-gsl (>= 1.16.0)
      require_all (~> 1.3.1)
      rest-client
      ruby-graphviz
      savon (~> 2.5.1)
      scalpel
      similar_text
      similarity
      sinatra
      wikipedia-client

GEM
  remote: https://rubygems.org/
  specs:
    activesupport (6.0.2.1)
      concurrent-ruby (~> 1.0, >= 1.0.2)
      i18n (>= 0.7, < 2)
      minitest (~> 5.1)
      tzinfo (~> 1.1)
      zeitwerk (~> 2.2)
    addressable (2.7.0)
      public_suffix (>= 2.0.2, < 5.0)
    akami (1.2.2)
      gyoku (>= 0.4.0)
      nokogiri
    awesome_print (1.8.0)
    bio (2.0.1)
    bio-isoelectric_point (0.1.3)
    builder (3.2.4)
    capybara (3.30.0)
      addressable
      mini_mime (>= 0.1.3)
      nokogiri (~> 1.8)
      rack (>= 1.6.0)
      rack-test (>= 0.6.3)
      regexp_parser (~> 1.5)
      xpath (~> 3.2)
    cliver (0.3.2)
    coderay (1.1.2)
    concurrent-ruby (1.1.5)
    connection_pool (2.2.2)
    crack (0.4.3)
      safe_yaml (~> 1.0.0)
    dalli (2.6.4)
    diff-lcs (1.3)
    domain_name (0.5.20190701)
      unf (>= 0.0.5, < 1.0.0)
    faker (2.10.0)
      i18n (>= 1.6, < 1.8)
    ffi (1.11.3)
    formatador (0.2.5)
    gsl (2.1.0.3)
    guard (2.16.1)
      formatador (>= 0.2.4)
      listen (>= 2.7, < 4.0)
      lumberjack (>= 1.0.12, < 2.0)
      nenv (~> 0.1)
      notiffany (~> 0.0)
      pry (>= 0.9.12)
      shellany (~> 0.0)
      thor (>= 0.18.1)
    guard-compat (1.2.1)
    guard-minitest (2.4.6)
      guard-compat (~> 1.2)
      minitest (>= 3.0)
    guard-rspec (4.7.3)
      guard (~> 2.1)
      guard-compat (~> 1.1)
      rspec (>= 2.99.0, < 4.0)
    gyoku (1.1.1)
      builder (>= 2.1.2)
    highline (2.0.3)
    hpricot (0.8.6)
    htmlentities (4.3.4)
    http-accept (1.7.0)
    http-cookie (1.0.3)
      domain_name (~> 0.5)
    httpclient (2.8.3)
    httpi (2.1.1)
      rack
      rubyntlm (~> 0.3.2)
    i18n (1.7.0)
      concurrent-ruby (~> 1.0)
    kmeans-clusterer (0.11.4)
      narray (~> 0.6)
    libxml-ruby (2.7.0)
    listen (3.2.1)
      rb-fsevent (~> 0.10, >= 0.10.3)
      rb-inotify (~> 0.9, >= 0.9.10)
    lumberjack (1.1.0)
    macaddr (1.7.2)
      systemu (~> 2.6.5)
    mechanize (2.7.6)
      domain_name (~> 0.5, >= 0.5.1)
      http-cookie (~> 1.0)
      mime-types (>= 1.17.2)
      net-http-digest_auth (~> 1.1, >= 1.1.1)
      net-http-persistent (>= 2.5.2)
      nokogiri (~> 1.6)
      ntlm-http (~> 0.1, >= 0.1.1)
      webrobots (>= 0.0.9, < 0.2)
    method_source (0.9.2)
    mime-types (3.3.1)
      mime-types-data (~> 3.2015)
    mime-types-data (3.2019.1009)
    mini_mime (1.0.2)
    mini_portile2 (2.4.0)
    minitest (5.8.5)
    mustermann (1.1.1)
      ruby2_keywords (~> 0.0.1)
    narray (0.6.1.2)
    nenv (0.3.0)
    net-http-digest_auth (1.4.1)
    net-http-persistent (3.1.0)
      connection_pool (~> 2.2)
    netrc (0.11.0)
    nokogiri (1.10.7)
      mini_portile2 (~> 2.4.0)
    nori (2.4.0)
    notiffany (0.1.3)
      nenv (~> 0.1)
      shellany (~> 0.0)
    ntlm-http (0.1.1)
    optimist (3.0.0)
    options (2.3.2)
    parallel (1.19.1)
    poltergeist (1.18.1)
      capybara (>= 2.1, < 4)
      cliver (~> 0.3.1)
      websocket-driver (>= 0.2.0)
    pragmatic_segmenter (0.3.22)
      unicode
    progress_bar (1.3.1)
      highline (>= 1.6, < 3)
      options (~> 2.3.0)
    pry (0.12.2)
      coderay (~> 1.1.0)
      method_source (~> 0.9.0)
    public_suffix (4.0.3)
    rack (2.0.8)
    rack-protection (2.0.8.1)
      rack
    rack-test (1.1.0)
      rack (>= 1.0, < 3)
    rake (13.0.1)
    rake-compiler (1.1.0)
      rake
    rb-fchange (0.0.6)
      ffi
    rb-fsevent (0.10.3)
    rb-gsl (1.16.0.6)
      gsl
    rb-inotify (0.10.1)
      ffi (~> 1.0)
    regexp_parser (1.6.0)
    require_all (1.3.3)
    rest-client (2.1.0)
      http-accept (>= 1.7.0, < 2.0)
      http-cookie (>= 1.0.2, < 2.0)
      mime-types (>= 1.16, < 4.0)
      netrc (~> 0.8)
    rspec (3.9.0)
      rspec-core (~> 3.9.0)
      rspec-expectations (~> 3.9.0)
      rspec-mocks (~> 3.9.0)
    rspec-core (3.9.1)
      rspec-support (~> 3.9.1)
    rspec-expectations (3.9.0)
      diff-lcs (>= 1.2.0, < 2.0)
      rspec-support (~> 3.9.0)
    rspec-mocks (3.9.1)
      diff-lcs (>= 1.2.0, < 2.0)
      rspec-support (~> 3.9.0)
    rspec-support (3.9.2)
    ruby-graphviz (1.2.4)
    ruby2_keywords (0.0.1)
    rubyntlm (0.3.4)
    safe_yaml (1.0.5)
    savon (2.5.1)
      akami (~> 1.2.0)
      builder (>= 2.1.2)
      gyoku (~> 1.1.0)
      httpi (~> 2.1.0)
      nokogiri (>= 1.4.0)
      nori (~> 2.4.0)
      uuid (~> 2.3.7)
      wasabi (~> 3.3.0)
    scalpel (0.2.1)
    shellany (0.0.1)
    similar_text (0.0.4)
    similarity (0.2.5)
      gsl
    sinatra (2.0.8.1)
      mustermann (~> 1.0)
      rack (~> 2.0)
      rack-protection (= 2.0.8.1)
      tilt (~> 2.0)
    systemu (2.6.5)
    terminal-notifier-guard (1.7.0)
    thor (1.0.1)
    thread_safe (0.3.6)
    tilt (2.0.10)
    tzinfo (1.2.6)
      thread_safe (~> 0.1)
    unf (0.1.4)
      unf_ext
    unf_ext (0.0.7.6)
    unicode (0.4.4.4)
    uuid (2.3.9)
      macaddr (~> 1.0)
    wasabi (3.3.1)
      httpi (~> 2.0)
      nokogiri (>= 1.4.0)
    webrobots (0.1.2)
    websocket-driver (0.7.1)
      websocket-extensions (>= 0.1.0)
    websocket-extensions (0.1.4)
    wikipedia-client (1.10.0)
    xpath (3.2.0)
      nokogiri (~> 1.8)
    zeitwerk (2.2.2)

PLATFORMS
  ruby

DEPENDENCIES
  awesome_print
  data-scrapper!
  guard
  guard-minitest
  guard-rspec
  pry
  rake
  rake-compiler
  rb-fchange
  rb-fsevent
  rb-inotify
  rspec
  terminal-notifier-guard

BUNDLED WITH
   1.17.3
